GEM
  remote: https://rubygems.org/
  specs:
    catpix (0.2.0)
      docopt (~> 0.5, >= 0.5.0)
      rmagick (~> 2.15, >= 2.15.2)
      ruby-terminfo (~> 0.1, >= 0.1.1)
      tco (~> 0.1, >= 0.1.8)
    coderay (1.1.1)
    colorize (0.8.1)
    docopt (0.6.0)
    method_source (0.8.2)
    pry (0.10.4)
      coderay (~> 1.1.0)
      method_source (~> 0.8.1)
      slop (~> 3.4)
    rmagick (2.16.0)
    ruby-terminfo (0.1.1)
    slop (3.6.0)
    tco (0.1.8)

PLATFORMS
  ruby

DEPENDENCIES
  catpix
  colorize
  pry

BUNDLED WITH
   1.15.0
